STORAGE: NONE
RESTRICTION: >= netstandard2.0
NUGET
  remote: https://www.nuget.org/api/v2
    FAKE (4.64.6)
    Fixie (1.0.3) - version_in_path: true
    Fleece.FSharpData (0.4)
      FSharp.Data (>= 2.0.14)
      FSharpPlus (>= 0.0.4)
      ReadOnlyCollectionExtensions (>= 1.2)
      ReadOnlyCollectionInterfaces (1.0)
    FsControl (1.0.9)
    FSharp.Core (3.0.2)
    FSharp.Data (2.3.3)
      Zlib.Portable (>= 1.11) - restriction: && (< net40) (>= netstandard2.0)
    FSharpPlus (0.0.4)
      FsControl (>= 1.0.9)
    Microsoft.NETCore.Platforms (2.0.1) - restriction: || (&& (< net45) (< netstandard1.2) (>= netstandard2.0) (< win8)) (&& (< net45) (>= netstandard2.0) (< win8) (< wpa81)) (&& (>= netstandard2.0) (< portable-net45+win8+wp8+wpa81))
    Microsoft.NETCore.Targets (2.0) - restriction: || (&& (< net45) (>= netstandard2.0) (< win8) (< wpa81)) (&& (>= netstandard2.0) (< portable-net45+win8+wpa81))
    Microsoft.Win32.Primitives (4.3) - restriction: && (< net45) (>= netstandard2.0) (< win8) (< wpa81)
      Microsoft.NETCore.Platforms (>= 1.1) - restriction: && (< net46) (>= netstandard2.0)
      Microsoft.NETCore.Targets (>= 1.1) - restriction: && (< net46) (>= netstandard2.0)
      System.Runtime (>= 4.3) - restriction: && (< net46) (>= netstandard2.0)
    Newtonsoft.Json (8.0.3)
    ReadOnlyCollectionExtensions (1.3)
      ReadOnlyCollectionInterfaces (1.0) - restriction: && (>= net20) (>= netstandard2.0)
    ReadOnlyCollectionInterfaces (1.0)
    runtime.native.System (4.3) - restriction: && (< net45) (>= netstandard2.0) (< win8) (< wpa81)
      Microsoft.NETCore.Platforms (>= 1.1)
      Microsoft.NETCore.Targets (>= 1.1)
    runtime.native.System.IO.Compression (4.3.1) - restriction: || (&& (< net45) (>= netstandard2.0) (< win8) (< wpa81)) (&& (>= netstandard2.0) (< portable-net45+win8+wpa81))
      Microsoft.NETCore.Platforms (>= 1.1)
      Microsoft.NETCore.Targets (>= 1.1.1)
    Shouldly (2.6)
    System.Buffers (4.4) - restriction: || (&& (< net45) (>= netstandard2.0) (< win8) (< wpa81)) (&& (>= netstandard2.0) (< portable-net45+win8+wpa81))
    System.Collections (4.3) - restriction: && (< net45) (>= netstandard2.0) (< win8) (< wpa81)
      Microsoft.NETCore.Platforms (>= 1.1) - restriction: || (&& (< net45) (>= netstandard2.0) (< win8) (< wpa81)) (&& (>= netstandard2.0) (< portable-net45+win8+wp8+wpa81))
      Microsoft.NETCore.Targets (>= 1.1) - restriction: || (&& (< net45) (>= netstandard2.0) (< win8) (< wpa81)) (&& (>= netstandard2.0) (< portable-net45+win8+wp8+wpa81))
      System.Runtime (>= 4.3) - restriction: || (&& (< net45) (>= netstandard2.0) (< win8) (< wpa81)) (&& (>= netstandard2.0) (< portable-net45+win8+wp8+wpa81))
    System.Diagnostics.Debug (4.3) - restriction: && (< net45) (>= netstandard2.0) (< win8) (< wpa81)
      Microsoft.NETCore.Platforms (>= 1.1) - restriction: || (&& (< net45) (>= netstandard2.0) (< win8) (< wpa81)) (&& (>= netstandard2.0) (< portable-net45+win8+wp8+wpa81))
      Microsoft.NETCore.Targets (>= 1.1) - restriction: || (&& (< net45) (>= netstandard2.0) (< win8) (< wpa81)) (&& (>= netstandard2.0) (< portable-net45+win8+wp8+wpa81))
      System.Runtime (>= 4.3) - restriction: || (&& (< net45) (>= netstandard2.0) (< win8) (< wpa81)) (&& (>= netstandard2.0) (< portable-net45+win8+wp8+wpa81))
    System.Globalization (4.3) - restriction: && (< net45) (>= netstandard2.0) (< win8) (< wpa81)
      Microsoft.NETCore.Platforms (>= 1.1) - restriction: || (&& (< net45) (>= netstandard2.0) (< win8) (< wpa81)) (&& (>= netstandard2.0) (< portable-net45+win8+wp8+wpa81))
      Microsoft.NETCore.Targets (>= 1.1) - restriction: || (&& (< net45) (>= netstandard2.0) (< win8) (< wpa81)) (&& (>= netstandard2.0) (< portable-net45+win8+wp8+wpa81))
      System.Runtime (>= 4.3) - restriction: || (&& (< net45) (>= netstandard2.0) (< win8) (< wpa81)) (&& (>= netstandard2.0) (< portable-net45+win8+wp8+wpa81))
    System.IO (4.3) - restriction: && (< net45) (>= netstandard2.0) (< win8) (< wpa81)
      Microsoft.NETCore.Platforms (>= 1.1) - restriction: || (&& (< net45) (>= netstandard2.0) (< win8) (< wpa81)) (&& (>= netstandard2.0) (< portable-net45+win8+wp8+wpa81))
      Microsoft.NETCore.Targets (>= 1.1) - restriction: || (&& (< net45) (>= netstandard2.0) (< win8) (< wpa81)) (&& (>= netstandard2.0) (< portable-net45+win8+wp8+wpa81))
      System.Runtime (>= 4.3) - restriction: || (&& (< net45) (>= netstandard2.0) (< win8) (< wpa81)) (&& (>= netstandard2.0) (< portable-net45+win8+wp8+wpa81))
      System.Text.Encoding (>= 4.3) - restriction: || (&& (< net45) (>= netstandard2.0) (< win8) (< wpa81)) (&& (>= netstandard2.0) (< portable-net45+win8+wp8+wpa81))
      System.Threading.Tasks (>= 4.3) - restriction: || (&& (< net45) (>= netstandard2.0) (< win8) (< wpa81)) (&& (>= netstandard2.0) (< portable-net45+win8+wp8+wpa81))
    System.IO.Compression (4.3) - restriction: && (< net45) (>= netstandard2.0) (< win8) (< wpa81)
      Microsoft.NETCore.Platforms (>= 1.1) - restriction: && (< net45) (>= netstandard2.0) (< win8) (< wpa81)
      runtime.native.System (>= 4.3) - restriction: && (< net45) (>= netstandard2.0) (< win8) (< wpa81)
      runtime.native.System.IO.Compression (>= 4.3) - restriction: || (&& (< net45) (>= netstandard2.0) (< win8) (< wpa81)) (&& (>= netstandard2.0) (< portable-net45+win8+wpa81))
      System.Buffers (>= 4.3) - restriction: || (&& (< net45) (>= netstandard2.0) (< win8) (< wpa81)) (&& (>= netstandard2.0) (< portable-net45+win8+wpa81))
      System.Collections (>= 4.3) - restriction: || (&& (< net45) (>= netstandard2.0) (< win8) (< wpa81)) (&& (>= netstandard2.0) (< portable-net45+win8+wpa81))
      System.Diagnostics.Debug (>= 4.3) - restriction: || (&& (< net45) (>= netstandard2.0) (< win8) (< wpa81)) (&& (>= netstandard2.0) (< portable-net45+win8+wpa81))
      System.IO (>= 4.3) - restriction: || (&& (< net45) (>= netstandard2.0) (< win8) (< wpa81)) (&& (>= netstandard2.0) (< portable-net45+win8+wpa81))
      System.Resources.ResourceManager (>= 4.3) - restriction: || (&& (< net45) (>= netstandard2.0) (< win8) (< wpa81)) (&& (>= netstandard2.0) (< portable-net45+win8+wpa81))
      System.Runtime (>= 4.3) - restriction: || (&& (< net45) (>= netstandard2.0) (< win8) (< wpa81)) (&& (>= netstandard2.0) (< portable-net45+win8+wpa81))
      System.Runtime.Extensions (>= 4.3) - restriction: || (&& (< net45) (>= netstandard2.0) (< win8) (< wpa81)) (&& (>= netstandard2.0) (< portable-net45+win8+wpa81))
      System.Runtime.Handles (>= 4.3) - restriction: || (&& (< net45) (>= netstandard2.0) (< win8) (< wpa81)) (&& (>= netstandard2.0) (< portable-net45+win8+wpa81))
      System.Runtime.InteropServices (>= 4.3) - restriction: || (&& (< net45) (>= netstandard2.0) (< win8) (< wpa81)) (&& (>= netstandard2.0) (< portable-net45+win8+wpa81))
      System.Text.Encoding (>= 4.3) - restriction: || (&& (< net45) (>= netstandard2.0) (< win8) (< wpa81)) (&& (>= netstandard2.0) (< portable-net45+win8+wpa81))
      System.Threading (>= 4.3) - restriction: || (&& (< net45) (>= netstandard2.0) (< win8) (< wpa81)) (&& (>= netstandard2.0) (< portable-net45+win8+wpa81))
      System.Threading.Tasks (>= 4.3) - restriction: || (&& (< net45) (>= netstandard2.0) (< win8) (< wpa81)) (&& (>= netstandard2.0) (< portable-net45+win8+wpa81))
    System.Json (4.0.20126.16343)
    System.Net.Http (4.0)
      Microsoft.Win32.Primitives (>= 4.0) - restriction: && (< net45) (>= netstandard2.0) (< win8) (< wpa81)
      System.Collections (>= 4.0.10) - restriction: && (< net45) (>= netstandard2.0) (< win8) (< wpa81)
      System.Diagnostics.Debug (>= 4.0.10) - restriction: && (< net45) (>= netstandard2.0) (< win8) (< wpa81)
      System.Globalization (>= 4.0.10) - restriction: && (< net45) (>= netstandard2.0) (< win8) (< wpa81)
      System.IO (>= 4.0) - restriction: && (< net45) (>= netstandard2.0) (< win8) (< wpa81)
      System.IO (>= 4.0.10) - restriction: && (< net45) (>= netstandard2.0) (< win8) (< wpa81)
      System.IO.Compression (>= 4.0) - restriction: && (< net45) (>= netstandard2.0) (< win8) (< wpa81)
      System.Net.Primitives (>= 4.0) - restriction: && (< net45) (>= netstandard2.0) (< win8) (< wpa81)
      System.Net.Primitives (>= 4.0.10) - restriction: && (< net45) (>= netstandard2.0) (< win8) (< wpa81)
      System.Resources.ResourceManager (>= 4.0) - restriction: && (< net45) (>= netstandard2.0) (< win8) (< wpa81)
      System.Runtime (>= 4.0) - restriction: && (< net45) (>= netstandard2.0) (< win8) (< wpa81)
      System.Runtime (>= 4.0.20) - restriction: && (< net45) (>= netstandard2.0) (< win8) (< wpa81)
      System.Runtime.Extensions (>= 4.0.10) - restriction: && (< net45) (>= netstandard2.0) (< win8) (< wpa81)
      System.Runtime.Handles (>= 4.0) - restriction: && (< net45) (>= netstandard2.0) (< win8) (< wpa81)
      System.Runtime.InteropServices (>= 4.0.20) - restriction: && (< net45) (>= netstandard2.0) (< win8) (< wpa81)
      System.Runtime.WindowsRuntime (>= 4.0.10) - restriction: && (< net45) (>= netstandard2.0) (< win8) (< wpa81)
      System.Text.Encoding (>= 4.0) - restriction: && (< net45) (>= netstandard2.0) (< win8) (< wpa81)
      System.Text.Encoding (>= 4.0.10) - restriction: && (< net45) (>= netstandard2.0) (< win8) (< wpa81)
      System.Text.Encoding.Extensions (>= 4.0.10) - restriction: && (< net45) (>= netstandard2.0) (< win8) (< wpa81)
      System.Threading (>= 4.0.10) - restriction: && (< net45) (>= netstandard2.0) (< win8) (< wpa81)
      System.Threading.Tasks (>= 4.0) - restriction: && (< net45) (>= netstandard2.0) (< win8) (< wpa81)
      System.Threading.Tasks (>= 4.0.10) - restriction: && (< net45) (>= netstandard2.0) (< win8) (< wpa81)
    System.Net.Primitives (4.3) - restriction: && (< net45) (>= netstandard2.0) (< win8) (< wpa81)
      Microsoft.NETCore.Platforms (>= 1.1) - restriction: || (&& (< net45) (>= netstandard2.0) (< win8) (< wpa81)) (&& (< netstandard1.1) (>= netstandard2.0) (< win8)) (&& (>= netstandard2.0) (< portable-net45+win8+wp8+wpa81))
      Microsoft.NETCore.Targets (>= 1.1) - restriction: || (&& (< net45) (>= netstandard2.0) (< win8) (< wpa81)) (&& (< netstandard1.1) (>= netstandard2.0) (< win8)) (&& (>= netstandard2.0) (< portable-net45+win8+wp8+wpa81))
      System.Runtime (>= 4.3) - restriction: || (&& (< net45) (>= netstandard2.0) (< win8) (< wpa81)) (&& (< netstandard1.1) (>= netstandard2.0) (< win8)) (&& (>= netstandard2.0) (< portable-net45+win8+wp8+wpa81))
      System.Runtime.Handles (>= 4.3) - restriction: || (&& (< net45) (>= netstandard2.0) (< win8) (< wpa81)) (&& (>= netstandard2.0) (< portable-net45+win8+wp8+wpa81))
    System.ObjectModel (4.3) - restriction: || (&& (< net45) (>= netstandard2.0) (< win8) (< wpa81)) (&& (>= netstandard2.0) (< portable-net45+win8+wp8+wpa81))
      System.Collections (>= 4.3) - restriction: || (&& (< net45) (>= netstandard2.0) (< win8) (< wpa81)) (&& (>= netstandard2.0) (< portable-net45+win8+wp8+wpa81))
      System.Diagnostics.Debug (>= 4.3) - restriction: || (&& (< net45) (>= netstandard2.0) (< win8) (< wpa81)) (&& (>= netstandard2.0) (< portable-net45+win8+wp8+wpa81))
      System.Resources.ResourceManager (>= 4.3) - restriction: || (&& (< net45) (>= netstandard2.0) (< win8) (< wpa81)) (&& (>= netstandard2.0) (< portable-net45+win8+wp8+wpa81))
      System.Runtime (>= 4.3) - restriction: || (&& (< net45) (>= netstandard2.0) (< win8) (< wpa81)) (&& (>= netstandard2.0) (< portable-net45+win8+wp8+wpa81))
      System.Threading (>= 4.3) - restriction: || (&& (< net45) (>= netstandard2.0) (< win8) (< wpa81)) (&& (>= netstandard2.0) (< portable-net45+win8+wp8+wpa81))
    System.Reflection (4.3) - restriction: || (&& (< net45) (< netstandard1.2) (>= netstandard2.0) (< win8)) (&& (< net45) (>= netstandard2.0) (< win8) (< wpa81)) (&& (>= netcoreapp1.1) (>= netstandard2.0)) (&& (>= netstandard2.0) (< portable-net45+win8+wpa81))
      Microsoft.NETCore.Platforms (>= 1.1) - restriction: || (&& (< net45) (>= netstandard2.0) (< win8) (< wpa81)) (&& (>= netstandard2.0) (< portable-net45+win8+wp8+wpa81))
      Microsoft.NETCore.Targets (>= 1.1) - restriction: || (&& (< net45) (>= netstandard2.0) (< win8) (< wpa81)) (&& (>= netstandard2.0) (< portable-net45+win8+wp8+wpa81))
      System.IO (>= 4.3) - restriction: || (&& (< net45) (>= netstandard2.0) (< win8) (< wpa81)) (&& (>= netstandard2.0) (< portable-net45+win8+wp8+wpa81))
      System.Reflection.Primitives (>= 4.3) - restriction: || (&& (< net45) (>= netstandard2.0) (< win8) (< wpa81)) (&& (>= netstandard2.0) (< portable-net45+win8+wp8+wpa81))
      System.Runtime (>= 4.3) - restriction: || (&& (< net45) (>= netstandard2.0) (< win8) (< wpa81)) (&& (>= netstandard2.0) (< portable-net45+win8+wp8+wpa81))
    System.Reflection.Primitives (4.3) - restriction: || (&& (< net45) (< netstandard1.2) (>= netstandard2.0) (< win8)) (&& (< net45) (>= netstandard2.0) (< win8) (< wpa81)) (&& (>= netcoreapp1.1) (>= netstandard2.0)) (&& (>= netstandard2.0) (< portable-net45+win8+wpa81))
      Microsoft.NETCore.Platforms (>= 1.1) - restriction: || (&& (< net45) (>= netstandard2.0) (< win8) (< wpa81)) (&& (>= netstandard2.0) (< portable-net45+win8+wp8+wpa81))
      Microsoft.NETCore.Targets (>= 1.1) - restriction: || (&& (< net45) (>= netstandard2.0) (< win8) (< wpa81)) (&& (>= netstandard2.0) (< portable-net45+win8+wp8+wpa81))
      System.Runtime (>= 4.3) - restriction: || (&& (< net45) (>= netstandard2.0) (< win8) (< wpa81)) (&& (>= netstandard2.0) (< portable-net45+win8+wp8+wpa81))
    System.Resources.ResourceManager (4.3) - restriction: || (&& (< net45) (>= netstandard2.0) (< win8) (< wpa81)) (&& (>= netstandard2.0) (< portable-net45+win8+wpa81))
      Microsoft.NETCore.Platforms (>= 1.1) - restriction: || (&& (< net45) (>= netstandard2.0) (< win8) (< wpa81)) (&& (>= netstandard2.0) (< portable-net45+win8+wp8+wpa81))
      Microsoft.NETCore.Targets (>= 1.1) - restriction: || (&& (< net45) (>= netstandard2.0) (< win8) (< wpa81)) (&& (>= netstandard2.0) (< portable-net45+win8+wp8+wpa81))
      System.Globalization (>= 4.3) - restriction: || (&& (< net45) (>= netstandard2.0) (< win8) (< wpa81)) (&& (>= netstandard2.0) (< portable-net45+win8+wp8+wpa81))
      System.Reflection (>= 4.3) - restriction: || (&& (< net45) (>= netstandard2.0) (< win8) (< wpa81)) (&& (>= netstandard2.0) (< portable-net45+win8+wp8+wpa81))
      System.Runtime (>= 4.3) - restriction: || (&& (< net45) (>= netstandard2.0) (< win8) (< wpa81)) (&& (>= netstandard2.0) (< portable-net45+win8+wp8+wpa81))
    System.Runtime (4.3) - restriction: && (< net45) (>= netstandard2.0) (< win8) (< wpa81)
      Microsoft.NETCore.Platforms (>= 1.1) - restriction: || (&& (< net45) (< netstandard1.2) (>= netstandard2.0) (< win8)) (&& (< net45) (>= netstandard2.0) (< win8) (< wpa81)) (&& (>= netstandard2.0) (< portable-net45+win8+wp8+wpa81))
      Microsoft.NETCore.Targets (>= 1.1) - restriction: || (&& (< net45) (< netstandard1.2) (>= netstandard2.0) (< win8)) (&& (< net45) (>= netstandard2.0) (< win8) (< wpa81)) (&& (>= netstandard2.0) (< portable-net45+win8+wp8+wpa81))
    System.Runtime.Extensions (4.3) - restriction: && (< net45) (>= netstandard2.0) (< win8) (< wpa81)
      Microsoft.NETCore.Platforms (>= 1.1) - restriction: || (&& (< net45) (>= netstandard2.0) (< win8) (< wpa81)) (&& (>= netstandard2.0) (< portable-net45+win8+wp8+wpa81))
      Microsoft.NETCore.Targets (>= 1.1) - restriction: || (&& (< net45) (>= netstandard2.0) (< win8) (< wpa81)) (&& (>= netstandard2.0) (< portable-net45+win8+wp8+wpa81))
      System.Runtime (>= 4.3) - restriction: || (&& (< net45) (>= netstandard2.0) (< win8) (< wpa81)) (&& (>= netstandard2.0) (< portable-net45+win8+wp8+wpa81))
    System.Runtime.Handles (4.3) - restriction: || (&& (< net45) (>= netstandard2.0) (< win8) (< wpa81)) (&& (>= netcoreapp1.1) (>= netstandard2.0)) (&& (>= netstandard2.0) (< portable-net45+win8+wpa81))
      Microsoft.NETCore.Platforms (>= 1.1) - restriction: && (< net46) (>= netstandard2.0)
      Microsoft.NETCore.Targets (>= 1.1) - restriction: && (< net46) (>= netstandard2.0)
      System.Runtime (>= 4.3) - restriction: && (< net46) (>= netstandard2.0)
    System.Runtime.InteropServices (4.3) - restriction: && (< net45) (>= netstandard2.0) (< win8) (< wpa81)
      Microsoft.NETCore.Platforms (>= 1.1) - restriction: || (&& (< net45) (< netstandard1.2) (>= netstandard2.0) (< win8)) (&& (< net45) (>= netstandard2.0) (< win8) (< wpa81)) (&& (>= netcoreapp1.1) (>= netstandard2.0)) (&& (>= netstandard2.0) (< portable-net45+win8+wpa81))
      Microsoft.NETCore.Targets (>= 1.1) - restriction: || (&& (< net45) (< netstandard1.2) (>= netstandard2.0) (< win8)) (&& (< net45) (>= netstandard2.0) (< win8) (< wpa81)) (&& (>= netcoreapp1.1) (>= netstandard2.0)) (&& (>= netstandard2.0) (< portable-net45+win8+wpa81))
      System.Reflection (>= 4.3) - restriction: || (&& (< net45) (< netstandard1.2) (>= netstandard2.0) (< win8)) (&& (< net45) (>= netstandard2.0) (< win8) (< wpa81)) (&& (>= netcoreapp1.1) (>= netstandard2.0)) (&& (>= netstandard2.0) (< portable-net45+win8+wpa81))
      System.Reflection.Primitives (>= 4.3) - restriction: || (&& (< net45) (< netstandard1.2) (>= netstandard2.0) (< win8)) (&& (< net45) (>= netstandard2.0) (< win8) (< wpa81)) (&& (>= netcoreapp1.1) (>= netstandard2.0)) (&& (>= netstandard2.0) (< portable-net45+win8+wpa81))
      System.Runtime (>= 4.3) - restriction: || (&& (< net45) (< netstandard1.2) (>= netstandard2.0) (< win8)) (&& (< net45) (>= netstandard2.0) (< win8) (< wpa81)) (&& (>= net462) (>= netstandard2.0)) (&& (>= netcoreapp1.1) (>= netstandard2.0)) (&& (>= netstandard2.0) (< portable-net45+win8+wpa81))
      System.Runtime.Handles (>= 4.3) - restriction: || (&& (< net45) (>= netstandard2.0) (< win8) (< wpa81)) (&& (>= netcoreapp1.1) (>= netstandard2.0)) (&& (>= netstandard2.0) (< portable-net45+win8+wpa81))
    System.Runtime.WindowsRuntime (4.3) - restriction: && (< net45) (>= netstandard2.0) (< win8) (< wpa81)
      Microsoft.NETCore.Platforms (>= 1.1) - restriction: || (&& (>= netstandard2.0) (< portable-net45+win8+wp8+wpa81)) (&& (>= netstandard2.0) (< win8) (< wpa81))
      System.IO (>= 4.3) - restriction: || (&& (< netstandard1.2) (>= netstandard2.0) (< win8)) (&& (>= netstandard2.0) (< portable-net45+win8+wp8+wpa81)) (&& (>= netstandard2.0) (< win8) (< wpa81))
      System.ObjectModel (>= 4.3) - restriction: || (&& (>= netstandard2.0) (< portable-net45+win8+wp8+wpa81)) (&& (>= netstandard2.0) (< win8) (< wpa81))
      System.Runtime (>= 4.3) - restriction: || (&& (< netstandard1.2) (>= netstandard2.0) (< win8)) (&& (>= netstandard2.0) (< portable-net45+win8+wp8+wpa81)) (&& (>= netstandard2.0) (< win8) (< wpa81))
      System.Threading.Tasks (>= 4.3) - restriction: || (&& (< netstandard1.2) (>= netstandard2.0) (< win8)) (&& (>= netstandard2.0) (< portable-net45+win8+wp8+wpa81)) (&& (>= netstandard2.0) (< win8) (< wpa81))
    System.Text.Encoding (4.3) - restriction: || (&& (< net45) (>= netstandard2.0) (< win8) (< wpa81)) (&& (>= netstandard2.0) (< portable-net45+win8+wp8+wpa81))
      Microsoft.NETCore.Platforms (>= 1.1) - restriction: || (&& (< net45) (>= netstandard2.0) (< win8) (< wpa81)) (&& (>= netstandard2.0) (< portable-net45+win8+wp8+wpa81))
      Microsoft.NETCore.Targets (>= 1.1) - restriction: || (&& (< net45) (>= netstandard2.0) (< win8) (< wpa81)) (&& (>= netstandard2.0) (< portable-net45+win8+wp8+wpa81))
      System.Runtime (>= 4.3) - restriction: || (&& (< net45) (>= netstandard2.0) (< win8) (< wpa81)) (&& (>= netstandard2.0) (< portable-net45+win8+wp8+wpa81))
    System.Text.Encoding.Extensions (4.3) - restriction: && (< net45) (>= netstandard2.0) (< win8) (< wpa81)
      Microsoft.NETCore.Platforms (>= 1.1) - restriction: || (&& (< net45) (>= netstandard2.0) (< win8) (< wpa81)) (&& (>= netstandard2.0) (< portable-net45+win8+wp8+wpa81))
      Microsoft.NETCore.Targets (>= 1.1) - restriction: || (&& (< net45) (>= netstandard2.0) (< win8) (< wpa81)) (&& (>= netstandard2.0) (< portable-net45+win8+wp8+wpa81))
      System.Runtime (>= 4.3) - restriction: || (&& (< net45) (>= netstandard2.0) (< win8) (< wpa81)) (&& (>= netstandard2.0) (< portable-net45+win8+wp8+wpa81))
      System.Text.Encoding (>= 4.3) - restriction: || (&& (< net45) (>= netstandard2.0) (< win8) (< wpa81)) (&& (>= netstandard2.0) (< portable-net45+win8+wp8+wpa81))
    System.Threading (4.3) - restriction: && (< net45) (>= netstandard2.0) (< win8) (< wpa81)
      System.Runtime (>= 4.3) - restriction: || (&& (< net45) (>= netstandard2.0) (< win8) (< wpa81)) (&& (>= netstandard2.0) (< portable-net45+win8+wp8+wpa81))
      System.Threading.Tasks (>= 4.3) - restriction: || (&& (< net45) (>= netstandard2.0) (< win8) (< wpa81)) (&& (>= netstandard2.0) (< portable-net45+win8+wp8+wpa81))
    System.Threading.Tasks (4.3) - restriction: || (&& (< net45) (>= netstandard2.0) (< win8) (< wpa81)) (&& (>= netstandard2.0) (< portable-net45+win8+wp8+wpa81))
      Microsoft.NETCore.Platforms (>= 1.1) - restriction: || (&& (< net45) (>= netstandard2.0) (< win8) (< wpa81)) (&& (>= netstandard2.0) (< portable-net45+win8+wp8+wpa81))
      Microsoft.NETCore.Targets (>= 1.1) - restriction: || (&& (< net45) (>= netstandard2.0) (< win8) (< wpa81)) (&& (>= netstandard2.0) (< portable-net45+win8+wp8+wpa81))
      System.Runtime (>= 4.3) - restriction: || (&& (< net45) (>= netstandard2.0) (< win8) (< wpa81)) (&& (>= netstandard2.0) (< portable-net45+win8+wp8+wpa81))
    Zlib.Portable (1.11) - restriction: && (< net40) (>= netstandard2.0)

GROUP Test
RESTRICTION: >= netcoreapp2.0
NUGET
  remote: https://www.nuget.org/api/v2
    FSharp.Core (4.3.4) - redirects: force
